PATH
  remote: .
  specs:
    omniperm (0.0.1)

GEM
  remote: https://rubygems.org/
  specs:
    minitest (5.11.3)
    minitest-sprint (1.2.1)
      path_expander (~> 1.1)
    path_expander (1.1.0)

PLATFORMS
  ruby

DEPENDENCIES
  minitest (~> 5.0)
  minitest-sprint
  omniperm!

BUNDLED WITH
   2.1.4
