PATH
  remote: .
  specs:
    omniperm (0.0.1)

GEM
  remote: https://rubygems.org/
  specs:

PLATFORMS
  ruby

DEPENDENCIES
  omniperm!

BUNDLED WITH
   2.1.4
