PATH
  remote: .
  specs:
    omniperm (0.0.1)

GEM
  remote: https://rubygems.org/
  specs:
    minitest (5.11.3)

PLATFORMS
  ruby

DEPENDENCIES
  minitest (~> 5.0)
  omniperm!

BUNDLED WITH
   2.1.4
